GIT
  remote: https://github.com/NoSoft-SA/crossbeams-dataminer.git
  revision: fd7a8b353709f98bc24fb5bc225a71d8021fee05
  specs:
    crossbeams-dataminer (0.2.0)
      pg_query (= 1.1.0)

GIT
  remote: https://github.com/NoSoft-SA/crossbeams-label_designer.git
  revision: 4f492c25625aa8d1496d2d3b3f53ddaab26c950b
  specs:
    crossbeams-label_designer (1.0.0)
      dry-configurable
      erubi
      json

GIT
  remote: https://github.com/NoSoft-SA/crossbeams-layout.git
  revision: b382ca9a65742f0aaaa3cff19c8818bf556b2a10
  specs:
    crossbeams-layout (0.5.7)
      diffy
      rouge

GIT
  remote: https://github.com/NoSoft-SA/crossbeams-menu_migrations.git
  revision: 0204d95faec6ee14453fc829e3e0704980e6ffd1
  specs:
    crossbeams-menu_migrations (0.1.2)

GIT
  remote: https://github.com/NoSoft-SA/crossbeams-rack_middleware.git
  revision: 94793ab9dd34bd27ff0abe817fada99ee5c1b53a
  specs:
    crossbeams-rack_middleware (0.1.1)
      erubis
      rack

GIT
  remote: https://github.com/NoSoft-SA/roda-data_grid.git
  revision: e680ed24ad823f7734be270eea5b23202801cc96
  specs:
    roda-data_grid (0.5.6)
      caxlsx
      crossbeams-dataminer
      crossbeams-layout
      roda

GEM
  remote: https://rubygems.org/
  specs:
    airbrussh (1.4.0)
      sshkit (>= 1.6.1, != 1.7.0)
    asciidoctor (2.0.10)
    ast (2.4.0)
    awesome_print (1.8.0)
    bcrypt (3.1.13)
    byebug (11.0.1)
    capistrano (3.16.0)
      airbrussh (>= 1.0.0)
      i18n
      rake (>= 10.0.0)
      sshkit (>= 1.9.0)
    capistrano-bundler (1.5.0)
      capistrano (~> 3.1)
    capistrano-chruby (0.1.2)
      capistrano (~> 3.0)
      sshkit (~> 1.3)
    capistrano-passenger (0.2.1)
      capistrano (~> 3.0)
    caxlsx (3.1.0)
      htmlentities (~> 4.3, >= 4.3.4)
      marcel (~> 1.0)
      nokogiri (~> 1.10, >= 1.10.4)
      rubyzip (>= 1.3.0, < 3)
    clipboard (1.3.3)
    coderay (1.1.2)
    concurrent-ruby (1.1.9)
    daemons (1.3.1)
    diffy (3.4.0)
    dotenv (2.7.2)
    dry-configurable (0.12.1)
      concurrent-ruby (~> 1.0)
      dry-core (~> 0.5, >= 0.5.0)
    dry-container (0.7.2)
      concurrent-ruby (~> 1.0)
      dry-configurable (~> 0.1, >= 0.1.3)
    dry-core (0.6.0)
      concurrent-ruby (~> 1.0)
    dry-equalizer (0.3.0)
    dry-inflector (0.2.0)
    dry-initializer (3.0.3)
    dry-logic (1.0.7)
      concurrent-ruby (~> 1.0)
      dry-core (~> 0.2)
      dry-equalizer (~> 0.2)
    dry-schema (1.5.4)
      concurrent-ruby (~> 1.0)
      dry-configurable (~> 0.8, >= 0.8.3)
      dry-core (~> 0.4)
      dry-equalizer (~> 0.2)
      dry-initializer (~> 3.0)
      dry-logic (~> 1.0)
      dry-types (~> 1.4)
    dry-struct (1.3.0)
      dry-core (~> 0.4, >= 0.4.4)
      dry-equalizer (~> 0.3)
      dry-types (~> 1.3)
      ice_nine (~> 0.11)
    dry-types (1.4.0)
      concurrent-ruby (~> 1.0)
      dry-container (~> 0.3)
      dry-core (~> 0.4, >= 0.4.4)
      dry-equalizer (~> 0.3)
      dry-inflector (~> 0.1, >= 0.1.2)
      dry-logic (~> 1.0, >= 1.0.2)
    dry-validation (1.5.6)
      concurrent-ruby (~> 1.0)
      dry-container (~> 0.7, >= 0.7.1)
      dry-core (~> 0.4)
      dry-equalizer (~> 0.2)
      dry-initializer (~> 3.0)
      dry-schema (~> 1.5, >= 1.5.2)
    erubi (1.10.0)
    erubis (2.7.0)
    eventmachine (1.2.7)
    faker (2.15.1)
      i18n (>= 1.6, < 2)
    ffi (1.11.1)
    finite_machine (0.12.1)
      concurrent-ruby (~> 1.0)
    htmlentities (4.3.4)
    i18n (1.8.10)
      concurrent-ruby (~> 1.0)
    ice_nine (0.11.2)
    jaro_winkler (1.5.4)
    json (2.5.1)
    listen (3.1.5)
      rb-fsevent (~> 0.9, >= 0.9.4)
      rb-inotify (~> 0.9, >= 0.9.7)
      ruby_dep (~> 1.2)
    mail (2.7.1)
      mini_mime (>= 0.1.1)
    marcel (1.0.1)
    message_bus (3.3.4)
      rack (>= 1.1.3)
    metaclass (0.0.4)
    method_source (0.9.2)
    mini_mime (1.0.1)
    mini_portile2 (2.5.3)
    minitest (5.11.3)
    minitest-hooks (1.4.2)
    minitest-rg (5.2.0)
      minitest (~> 5.0)
    minitest-stub-const (0.6)
    minitest-stub_any_instance (1.0.2)
    minitest-test_profile (0.2.2)
      minitest
    mocha (1.8.0)
      metaclass (~> 0.0.1)
    net-ping (2.0.8)
    net-scp (3.0.0)
      net-ssh (>= 2.6.5, < 7.0.0)
    net-ssh (6.1.0)
    nokogiri (1.11.7)
      mini_portile2 (~> 2.5.0)
      racc (~> 1.4)
    parallel (1.19.1)
    parser (2.7.1.1)
      ast (~> 2.4.0)
    pastel (0.8.0)
      tty-color (~> 0.5)
    pg (1.2.3)
    pg_query (1.1.0)
    pry (0.12.2)
      coderay (~> 1.1.0)
      method_source (~> 0.9.0)
    pry-byebug (3.7.0)
      byebug (~> 11.0)
      pry (~> 0.10)
    pry-clipboard (0.1.1)
      clipboard
      pry
    pry-doc (1.0.0)
      pry (~> 0.11)
      yard (~> 0.9.11)
    que (1.0.0.beta3)
    racc (1.5.2)
    rack (2.2.3)
    rack-console (1.3.1)
      rack (>= 1.1)
      rack-test
    rack-mini-profiler (2.3.2)
      rack (>= 1.2.0)
    rack-test (1.1.0)
      rack (>= 1.0, < 3)
    rack_csrf (2.6.0)
      rack (>= 1.1.0)
    rainbow (3.0.0)
    rake (13.0.3)
    rb-fsevent (0.10.3)
    rb-inotify (0.10.0)
      ffi (~> 1.0)
    rerun (0.13.0)
      listen (~> 3.0)
    rexml (3.2.5)
    roda (3.45.0)
      rack
    roda-enhanced_logger (0.3.0)
      roda (>= 3.19.0)
      tty-logger (>= 0.3, < 1.0)
    roda-message_bus (1.0.0)
      message_bus (>= 2.0.0)
      roda (>= 2.0.0)
    roda-symbolized_params (0.0.2)
    rodauth (1.20.0)
      roda (>= 2.6.0)
      sequel (>= 4)
    rouge (3.26.0)
    rubocop (0.82.0)
      jaro_winkler (~> 1.5.1)
      parallel (~> 1.10)
      parser (>= 2.7.0.1)
      rainbow (>= 2.2.2, < 4.0)
      rexml
      ruby-progressbar (~> 1.7)
      unicode-display_width (>= 1.4.0, < 2.0)
    ruby-progressbar (1.10.1)
    ruby_dep (1.5.0)
    rubyzip (2.3.0)
    sassc (2.0.1)
      ffi (~> 1.9)
      rake
    sequel (5.30.0)
    sequel_pg (1.12.5)
      pg (>= 0.18.0, != 1.2.0)
      sequel (>= 4.38.0)
    sequel_postgresql_triggers (1.5.0)
      sequel
    sshkit (1.21.2)
      net-scp (>= 1.1.2)
      net-ssh (>= 2.8.0)
    thin (1.7.2)
      daemons (~> 1.0, >= 1.0.9)
      eventmachine (~> 1.0, >= 1.0.4)
      rack (>= 1, < 3)
    tilt (2.0.9)
    tty-color (0.6.0)
    tty-logger (0.5.0)
      pastel (~> 0.8)
    unicode-display_width (1.7.0)
    yard (0.9.20)

PLATFORMS
  ruby

DEPENDENCIES
  asciidoctor
  awesome_print
  bcrypt
  capistrano
  capistrano-bundler
  capistrano-chruby
  capistrano-passenger (>= 0.1.1)
  crossbeams-dataminer!
  crossbeams-label_designer!
  crossbeams-layout!
  crossbeams-menu_migrations!
  crossbeams-rack_middleware!
  dotenv
  dry-inflector
  dry-struct
  dry-types
  dry-validation
  faker
  finite_machine
  mail
  message_bus
  minitest (~> 5.11)
  minitest-hooks (= 1.4.2)
  minitest-rg
  minitest-stub-const
  minitest-stub_any_instance (~> 1.0.1)
  minitest-test_profile
  mocha (~> 1.5)
  net-ping
  nokogiri
  pg
  pry
  pry-byebug
  pry-clipboard
  pry-doc
  que (= 1.0.0.beta3)
  rack-console
  rack-mini-profiler
  rack-test
  rack_csrf
  rake
  rerun
  roda
  roda-data_grid!
  roda-enhanced_logger
  roda-message_bus
  roda-symbolized_params
  rodauth
  rouge
  rubocop
  sassc
  sequel
  sequel_pg
  sequel_postgresql_triggers
  thin
  tilt
  yard

BUNDLED WITH
   1.16.1
